GEM
  remote: http://rubygems.org/
  specs:
    activesupport (3.0.0)
    crack (0.1.8)
    httparty (0.6.1)
      crack (= 0.1.8)
    mocha (0.9.8)
      rake
    rake (0.8.7)
    rspec (1.3.0)
    tumblr-api (0.1.4)
      activesupport
      httparty

PLATFORMS
  ruby

DEPENDENCIES
  mocha
  rspec
  tumblr-api
