GIT
  remote: git://github.com/alexheaton/mocha.git
  revision: 6f2637746e4327de1b39ed808ddcd5a5ced67ac9
  branch: alexheaton/runs_method
  specs:
    mocha (0.9.8.20100819090654)
      rake

GEM
  remote: http://rubygems.org/
  specs:
    ZenTest (4.4.0)
    activesupport (3.0.0)
    crack (0.1.8)
    httparty (0.6.1)
      crack (= 0.1.8)
    rake (0.8.7)
    rspec (1.3.1)
    tumblr-api (0.1.4)
      activesupport
      httparty

PLATFORMS
  ruby

DEPENDENCIES
  ZenTest
  mocha!
  rspec (= 1.3.1)
  tumblr-api
